PATH
  remote: .
  specs:
    relaton-iev (0.1.2)
      relaton (~> 0.6.0)

GEM
  remote: https://rubygems.org/
  specs:
    addressable (2.7.0)
      public_suffix (>= 2.0.2, < 5.0)
    byebug (11.0.1)
    cnccs (0.1.5)
    coderay (1.1.2)
    crack (0.4.3)
      safe_yaml (~> 1.0.0)
    debase (0.2.5)
      debase-ruby_core_source (>= 0.10.2)
    debase-ruby_core_source (0.10.8)
    diff-lcs (1.3)
    docile (1.3.2)
    equivalent-xml (0.6.0)
      nokogiri (>= 1.4.3)
    faraday (0.17.1)
      multipart-post (>= 1.2, < 3)
    gb-agencies (0.0.6)
    hashdiff (1.0.0)
    isoics (0.1.8)
    json (2.3.0)
    method_source (0.9.2)
    mini_portile2 (2.4.0)
    multipart-post (2.1.1)
    nokogiri (1.10.7)
      mini_portile2 (~> 2.4.0)
    pry (0.12.2)
      coderay (~> 1.1.0)
      method_source (~> 0.9.0)
    pry-byebug (3.7.0)
      byebug (~> 11.0)
      pry (~> 0.10)
    public_suffix (4.0.1)
    rake (10.5.0)
    relaton (0.6.3)
      relaton-calconnect (~> 0.2.0)
      relaton-gb (~> 0.7.0)
      relaton-iec (~> 0.5.0)
      relaton-ietf (~> 0.7.0)
      relaton-iso (~> 0.7.0)
      relaton-itu (~> 0.4.0)
      relaton-nist (~> 0.4.0)
      relaton-ogc (~> 0.2.0)
    relaton-bib (0.4.1)
      addressable
      nokogiri
    relaton-calconnect (0.2.1)
      faraday
      relaton-iso-bib (~> 0.4.0)
    relaton-gb (0.7.1)
      cnccs (~> 0.1.1)
      gb-agencies (~> 0.0.1)
      relaton-iso-bib (~> 0.4.0)
    relaton-iec (0.5.1)
      addressable
      relaton-iso-bib (~> 0.4.0)
    relaton-ietf (0.7.2)
      relaton-bib (~> 0.4.0)
    relaton-iso (0.7.1)
      relaton-iec (~> 0.5.0)
      relaton-iso-bib (~> 0.4.0)
    relaton-iso-bib (0.4.1)
      isoics (~> 0.1.6)
      relaton-bib (~> 0.4.0)
      ruby_deep_clone (~> 0.8.0)
    relaton-itu (0.4.1)
      relaton-iso-bib (~> 0.4.0)
    relaton-nist (0.4.1)
      relaton-bib (~> 0.4.0)
      rubyzip
    relaton-ogc (0.2.1)
      faraday
      relaton-iso-bib (~> 0.4.0)
    rspec (3.9.0)
      rspec-core (~> 3.9.0)
      rspec-expectations (~> 3.9.0)
      rspec-mocks (~> 3.9.0)
    rspec-core (3.9.0)
      rspec-support (~> 3.9.0)
    rspec-expectations (3.9.0)
      diff-lcs (>= 1.2.0, < 2.0)
      rspec-support (~> 3.9.0)
    rspec-mocks (3.9.0)
      diff-lcs (>= 1.2.0, < 2.0)
      rspec-support (~> 3.9.0)
    rspec-support (3.9.0)
    ruby-debug-ide (0.7.0)
      rake (>= 0.8.1)
    ruby_deep_clone (0.8.0)
    rubyzip (2.0.0)
    safe_yaml (1.0.5)
    simplecov (0.17.1)
      docile (~> 1.1)
      json (>= 1.8, < 3)
      simplecov-html (~> 0.10.0)
    simplecov-html (0.10.2)
    vcr (5.0.0)
    webmock (3.7.6)
      addressable (>= 2.3.6)
      crack (>= 0.3.2)
      hashdiff (>= 0.4.0, < 2.0.0)

PLATFORMS
  ruby

DEPENDENCIES
  bundler
  debase
  equivalent-xml (~> 0.6)
  pry-byebug
  rake (~> 10.0)
  relaton-iev!
  rspec (~> 3.0)
  ruby-debug-ide
  simplecov
  vcr
  webmock

BUNDLED WITH
   2.0.2
