PATH
  remote: .
  specs:
    relaton-iev (1.1.0)
      relaton (>= 1.6)

GEM
  remote: https://rubygems.org/
  specs:
    addressable (2.7.0)
      public_suffix (>= 2.0.2, < 5.0)
    bibtex-ruby (6.0.0)
      latex-decode (~> 0.0)
    byebug (11.1.3)
    cnccs (0.1.6)
    coderay (1.1.3)
    crack (0.4.5)
      rexml
    diff-lcs (1.4.4)
    docile (1.3.5)
    domain_name (0.5.20190701)
      unf (>= 0.0.5, < 1.0.0)
    equivalent-xml (0.6.0)
      nokogiri (>= 1.4.3)
    faraday (1.0.1)
      multipart-post (>= 1.2, < 3)
    gb-agencies (0.0.7)
    hashdiff (1.0.1)
    http-cookie (1.0.3)
      domain_name (~> 0.5)
    iso639 (1.3.2)
    isoics (0.1.9)
    latex-decode (0.3.2)
    method_source (1.0.0)
    mini_portile2 (2.4.0)
    multipart-post (2.1.1)
    nokogiri (1.10.10)
      mini_portile2 (~> 2.4.0)
    pry (0.13.1)
      coderay (~> 1.1)
      method_source (~> 1.0)
    pry-byebug (3.9.0)
      byebug (~> 11.0)
      pry (~> 0.13.0)
    public_suffix (4.0.6)
    rake (13.0.3)
    relaton (1.7.4)
      relaton-bipm (~> 1.7.0)
      relaton-calconnect (~> 1.7.0)
      relaton-ecma (= 1.7.pre1)
      relaton-gb (~> 1.7.0)
      relaton-iec (>= 1.7.6)
      relaton-ieee (~> 1.7.0)
      relaton-ietf (~> 1.7.0)
      relaton-iho (~> 1.7.0)
      relaton-iso (>= 1.7.1)
      relaton-itu (>= 1.7.2)
      relaton-nist (>= 1.7.1)
      relaton-ogc (~> 1.7.0)
      relaton-omg (~> 1.7.0)
      relaton-un (~> 1.7.0)
      relaton-w3c (~> 1.7.0)
    relaton-bib (1.7.3)
      addressable
      bibtex-ruby
      iso639
      nokogiri
    relaton-bipm (1.7.0)
      relaton-bib (~> 1.7.0)
    relaton-calconnect (1.7.0)
      faraday
      relaton-bib (~> 1.7.0)
    relaton-ecma (1.7.pre1)
      relaton-bib (~> 1.7.0)
    relaton-gb (1.7.0)
      cnccs (~> 0.1.1)
      gb-agencies (~> 0.0.1)
      relaton-iso-bib (>= 1.7.0)
    relaton-iec (1.7.7)
      addressable
      relaton-iso-bib (~> 1.7.0)
    relaton-ieee (1.7.1)
      faraday (~> 1.0.0)
      relaton-bib (~> 1.7.0)
    relaton-ietf (1.7.2)
      relaton-bib (~> 1.7.0)
    relaton-iho (1.7.0)
      relaton-bib (~> 1.7.0)
    relaton-iso (1.7.2)
      relaton-iec (~> 1.7.0)
      relaton-iso-bib (~> 1.7.0)
    relaton-iso-bib (1.7.1)
      isoics (~> 0.1.6)
      relaton-bib (~> 1.7.0)
    relaton-itu (1.7.3)
      relaton-bib (~> 1.7.0)
    relaton-nist (1.7.2)
      relaton-bib (~> 1.7.0)
      rubyzip
    relaton-ogc (1.7.1)
      faraday (~> 1.0.0)
      relaton-iso-bib (~> 1.7.0)
    relaton-omg (1.7.0)
      relaton-bib (~> 1.7.0)
    relaton-un (1.7.1)
      faraday
      http-cookie
      relaton-bib (~> 1.7.0)
      unf_ext (>= 0.0.7.7)
    relaton-w3c (1.7.0)
      relaton-bib (>= 1.7.0)
    rexml (3.2.4)
    rspec (3.10.0)
      rspec-core (~> 3.10.0)
      rspec-expectations (~> 3.10.0)
      rspec-mocks (~> 3.10.0)
    rspec-core (3.10.1)
      rspec-support (~> 3.10.0)
    rspec-expectations (3.10.1)
      diff-lcs (>= 1.2.0, < 2.0)
      rspec-support (~> 3.10.0)
    rspec-mocks (3.10.2)
      diff-lcs (>= 1.2.0, < 2.0)
      rspec-support (~> 3.10.0)
    rspec-support (3.10.2)
    rubyzip (2.3.0)
    simplecov (0.18.5)
      docile (~> 1.1)
      simplecov-html (~> 0.11)
    simplecov-html (0.12.3)
    unf (0.1.4)
      unf_ext
    unf_ext (0.0.7.7)
    vcr (6.0.0)
    webmock (3.12.1)
      addressable (>= 2.3.6)
      crack (>= 0.3.2)
      hashdiff (>= 0.4.0, < 2.0.0)

PLATFORMS
  ruby
  x86_64-darwin-18
  x86_64-darwin-20

DEPENDENCIES
  equivalent-xml (~> 0.6)
  pry-byebug
  rake (~> 13.0)
  relaton-iev!
  rspec (~> 3.0)
  simplecov
  vcr
  webmock

BUNDLED WITH
   2.2.3
